GEM
  remote: https://rubygems.org/
  specs:
    asciidoctor (1.5.4)
    rake (10.4.2)

PLATFORMS
  ruby

DEPENDENCIES
  asciidoctor (~> 1.5, >= 1.5.4)
  rake (~> 10.4, >= 10.4.2)

BUNDLED WITH
   1.10.6
